GEM
  remote: https://rubygems.org/
  specs:
    chunky_png (1.3.1)
    exifr (1.1.3)
    faraday (0.8.9)
      multipart-post (~> 1.2.0)
    faraday_middleware (0.9.1)
      faraday (>= 0.7.4, < 0.10)
    json (1.8.1)
    mime-types (2.3)
    mini_portile (0.6.0)
    multipart-post (1.2.0)
    nokogiri (1.6.2.1)
      mini_portile (= 0.6.0)
    oauth (0.4.7)
    simple_oauth (0.2.0)
    tumblr_client (0.8.2)
      faraday (>= 0.8)
      faraday_middleware (>= 0.8)
      json
      mime-types
      oauth
      simple_oauth

PLATFORMS
  ruby

DEPENDENCIES
  chunky_png
  exifr
  faraday (~> 0.8.8)
  json
  nokogiri
  tumblr_client
